GEM
  remote: https://rubygems.org/
  specs:
    erubi (1.12.0)
    ffi (1.16.3)
    google-protobuf (3.25.1)
    google-protobuf (3.25.1-aarch64-linux)
    google-protobuf (3.25.1-arm64-darwin)
    google-protobuf (3.25.1-x86_64-darwin)
    google-protobuf (3.25.1-x86_64-linux)
    googleapis-common-protos-types (1.10.0)
      google-protobuf (~> 3.18)
    io-console (0.5.11)
    irb (1.4.1)
      reline (>= 0.3.0)
    jwt (2.4.1)
    multi_json (1.15.0)
    mustermann (1.1.1)
      ruby2_keywords (~> 0.0.1)
    mysql2 (0.5.4)
    mysql2-cs-bind (0.1.1)
      mysql2
    netrc (0.11.0)
    nio4r (2.5.8)
    opentelemetry-api (1.1.0)
    opentelemetry-common (0.20.0)
      opentelemetry-api (~> 1.0)
    opentelemetry-exporter-otlp (0.26.1)
      google-protobuf (~> 3.14)
      googleapis-common-protos-types (~> 1.3)
      opentelemetry-api (~> 1.1)
      opentelemetry-common (~> 0.20)
      opentelemetry-sdk (~> 1.2)
      opentelemetry-semantic_conventions
    opentelemetry-instrumentation-action_pack (0.8.0)
      opentelemetry-api (~> 1.0)
      opentelemetry-instrumentation-base (~> 0.22.1)
      opentelemetry-instrumentation-rack (~> 0.21)
    opentelemetry-instrumentation-action_view (0.7.0)
      opentelemetry-api (~> 1.0)
      opentelemetry-instrumentation-active_support (~> 0.1)
      opentelemetry-instrumentation-base (~> 0.22.1)
    opentelemetry-instrumentation-active_job (0.7.0)
      opentelemetry-api (~> 1.0)
      opentelemetry-instrumentation-base (~> 0.22.1)
    opentelemetry-instrumentation-active_model_serializers (0.20.1)
      opentelemetry-api (~> 1.0)
      opentelemetry-instrumentation-base (~> 0.22.1)
    opentelemetry-instrumentation-active_record (0.7.0)
      opentelemetry-api (~> 1.0)
      opentelemetry-instrumentation-base (~> 0.22.1)
      ruby2_keywords
    opentelemetry-instrumentation-active_support (0.5.0)
      opentelemetry-api (~> 1.0)
      opentelemetry-instrumentation-base (~> 0.22.1)
    opentelemetry-instrumentation-all (0.52.0)
      opentelemetry-instrumentation-active_model_serializers (~> 0.20.1)
      opentelemetry-instrumentation-aws_sdk (~> 0.5.0)
      opentelemetry-instrumentation-bunny (~> 0.21.0)
      opentelemetry-instrumentation-concurrent_ruby (~> 0.21.1)
      opentelemetry-instrumentation-dalli (~> 0.25.0)
      opentelemetry-instrumentation-delayed_job (~> 0.22.0)
      opentelemetry-instrumentation-ethon (~> 0.21.1)
      opentelemetry-instrumentation-excon (~> 0.21.1)
      opentelemetry-instrumentation-faraday (~> 0.23.1)
      opentelemetry-instrumentation-grape (~> 0.1.3)
      opentelemetry-instrumentation-graphql (~> 0.26.2)
      opentelemetry-instrumentation-gruf (~> 0.1.0)
      opentelemetry-instrumentation-http (~> 0.23.1)
      opentelemetry-instrumentation-http_client (~> 0.22.1)
      opentelemetry-instrumentation-koala (~> 0.20.1)
      opentelemetry-instrumentation-lmdb (~> 0.22.1)
      opentelemetry-instrumentation-mongo (~> 0.22.1)
      opentelemetry-instrumentation-mysql2 (~> 0.25.0)
      opentelemetry-instrumentation-net_http (~> 0.22.1)
      opentelemetry-instrumentation-pg (~> 0.26.0)
      opentelemetry-instrumentation-que (~> 0.7.0)
      opentelemetry-instrumentation-racecar (~> 0.3.0)
      opentelemetry-instrumentation-rack (~> 0.23.1)
      opentelemetry-instrumentation-rails (~> 0.29.0)
      opentelemetry-instrumentation-rake (~> 0.2.1)
      opentelemetry-instrumentation-rdkafka (~> 0.4.0)
      opentelemetry-instrumentation-redis (~> 0.25.1)
      opentelemetry-instrumentation-resque (~> 0.5.0)
      opentelemetry-instrumentation-restclient (~> 0.22.1)
      opentelemetry-instrumentation-ruby_kafka (~> 0.21.0)
      opentelemetry-instrumentation-sidekiq (~> 0.25.0)
      opentelemetry-instrumentation-sinatra (~> 0.23.1)
      opentelemetry-instrumentation-trilogy (~> 0.57.0)
    opentelemetry-instrumentation-aws_sdk (0.5.0)
      opentelemetry-api (~> 1.0)
      opentelemetry-instrumentation-base (~> 0.22.1)
    opentelemetry-instrumentation-base (0.22.2)
      opentelemetry-api (~> 1.0)
      opentelemetry-registry (~> 0.1)
    opentelemetry-instrumentation-bunny (0.21.1)
      opentelemetry-api (~> 1.0)
      opentelemetry-instrumentation-base (~> 0.22.1)
    opentelemetry-instrumentation-concurrent_ruby (0.21.1)
      opentelemetry-api (~> 1.0)
      opentelemetry-instrumentation-base (~> 0.22.1)
    opentelemetry-instrumentation-dalli (0.25.0)
      opentelemetry-api (~> 1.0)
      opentelemetry-common (~> 0.20.0)
      opentelemetry-instrumentation-base (~> 0.22.1)
    opentelemetry-instrumentation-delayed_job (0.22.0)
      opentelemetry-api (~> 1.0)
      opentelemetry-instrumentation-base (~> 0.22.1)
    opentelemetry-instrumentation-ethon (0.21.2)
      opentelemetry-api (~> 1.0)
      opentelemetry-common (~> 0.20.0)
      opentelemetry-instrumentation-base (~> 0.22.1)
    opentelemetry-instrumentation-excon (0.21.2)
      opentelemetry-api (~> 1.0)
      opentelemetry-common (~> 0.20.0)
      opentelemetry-instrumentation-base (~> 0.22.1)
    opentelemetry-instrumentation-faraday (0.23.3)
      opentelemetry-api (~> 1.0)
      opentelemetry-common (~> 0.20.0)
      opentelemetry-instrumentation-base (~> 0.22.1)
    opentelemetry-instrumentation-grape (0.1.5)
      opentelemetry-api (~> 1.0)
      opentelemetry-instrumentation-base (~> 0.22.1)
      opentelemetry-instrumentation-rack (~> 0.21)
    opentelemetry-instrumentation-graphql (0.26.7)
      opentelemetry-api (~> 1.0)
      opentelemetry-instrumentation-base (~> 0.22.1)
    opentelemetry-instrumentation-gruf (0.1.1)
      opentelemetry-api (>= 1.0.0)
      opentelemetry-instrumentation-base (~> 0.22.1)
    opentelemetry-instrumentation-http (0.23.1)
      opentelemetry-api (~> 1.0)
      opentelemetry-instrumentation-base (~> 0.22.1)
    opentelemetry-instrumentation-http_client (0.22.2)
      opentelemetry-api (~> 1.0)
      opentelemetry-common (~> 0.20.0)
      opentelemetry-instrumentation-base (~> 0.22.1)
    opentelemetry-instrumentation-koala (0.20.2)
      opentelemetry-api (~> 1.0)
      opentelemetry-common (~> 0.20.0)
      opentelemetry-instrumentation-base (~> 0.22.1)
    opentelemetry-instrumentation-lmdb (0.22.1)
      opentelemetry-api (~> 1.0)
      opentelemetry-instrumentation-base (~> 0.22.1)
    opentelemetry-instrumentation-mongo (0.22.1)
      opentelemetry-api (~> 1.0)
      opentelemetry-instrumentation-base (~> 0.22.1)
    opentelemetry-instrumentation-mysql2 (0.25.0)
      opentelemetry-api (~> 1.0)
      opentelemetry-instrumentation-base (~> 0.22.1)
    opentelemetry-instrumentation-net_http (0.22.3)
      opentelemetry-api (~> 1.0)
      opentelemetry-common (~> 0.20.0)
      opentelemetry-instrumentation-base (~> 0.22.1)
    opentelemetry-instrumentation-pg (0.26.0)
      opentelemetry-api (~> 1.0)
      opentelemetry-instrumentation-base (~> 0.22.1)
    opentelemetry-instrumentation-que (0.7.0)
      opentelemetry-api (~> 1.0)
      opentelemetry-instrumentation-base (~> 0.22.1)
    opentelemetry-instrumentation-racecar (0.3.0)
      opentelemetry-api (~> 1.0)
      opentelemetry-instrumentation-base (~> 0.22.1)
    opentelemetry-instrumentation-rack (0.23.4)
      opentelemetry-api (~> 1.0)
      opentelemetry-common (~> 0.20.0)
      opentelemetry-instrumentation-base (~> 0.22.1)
    opentelemetry-instrumentation-rails (0.29.0)
      opentelemetry-api (~> 1.0)
      opentelemetry-instrumentation-action_pack (~> 0.8.0)
      opentelemetry-instrumentation-action_view (~> 0.7.0)
      opentelemetry-instrumentation-active_job (~> 0.7.0)
      opentelemetry-instrumentation-active_record (~> 0.7.0)
      opentelemetry-instrumentation-active_support (~> 0.5.0)
      opentelemetry-instrumentation-base (~> 0.22.1)
    opentelemetry-instrumentation-rake (0.2.1)
      opentelemetry-api (~> 1.0)
      opentelemetry-instrumentation-base (~> 0.22.1)
    opentelemetry-instrumentation-rdkafka (0.4.0)
      opentelemetry-api (~> 1.0)
      opentelemetry-common (~> 0.20.0)
      opentelemetry-instrumentation-base (~> 0.22.1)
    opentelemetry-instrumentation-redis (0.25.3)
      opentelemetry-api (~> 1.0)
      opentelemetry-common (~> 0.20.0)
      opentelemetry-instrumentation-base (~> 0.22.1)
    opentelemetry-instrumentation-resque (0.5.0)
      opentelemetry-api (~> 1.0)
      opentelemetry-instrumentation-base (~> 0.22.1)
    opentelemetry-instrumentation-restclient (0.22.2)
      opentelemetry-api (~> 1.0)
      opentelemetry-common (~> 0.20.0)
      opentelemetry-instrumentation-base (~> 0.22.1)
    opentelemetry-instrumentation-ruby_kafka (0.21.0)
      opentelemetry-api (~> 1.0)
      opentelemetry-instrumentation-base (~> 0.22.1)
    opentelemetry-instrumentation-sidekiq (0.25.0)
      opentelemetry-api (~> 1.0)
      opentelemetry-common (~> 0.20.0)
      opentelemetry-instrumentation-base (~> 0.22.1)
    opentelemetry-instrumentation-sinatra (0.23.2)
      opentelemetry-api (~> 1.0)
      opentelemetry-common (~> 0.20.0)
      opentelemetry-instrumentation-base (~> 0.22.1)
      opentelemetry-instrumentation-rack (~> 0.21)
    opentelemetry-instrumentation-trilogy (0.57.0)
      opentelemetry-api (~> 1.0)
      opentelemetry-instrumentation-base (~> 0.22.1)
      opentelemetry-semantic_conventions (>= 1.8.0)
    opentelemetry-registry (0.3.0)
      opentelemetry-api (~> 1.1)
    opentelemetry-sdk (1.3.1)
      opentelemetry-api (~> 1.1)
      opentelemetry-common (~> 0.20)
      opentelemetry-registry (~> 0.2)
      opentelemetry-semantic_conventions
    opentelemetry-semantic_conventions (1.10.0)
      opentelemetry-api (~> 1.0)
    parallel (1.23.0)
    prettier_print (1.2.1)
    puma (5.6.4)
      nio4r (~> 2.0)
    pyroscope (0.5.10)
      ffi
    pyroscope (0.5.10-aarch64-linux)
      ffi
    pyroscope (0.5.10-arm64-darwin)
      ffi
    pyroscope (0.5.10-x86_64-linux)
      ffi
    pyroscope-otel (0.1.1)
      opentelemetry-api (~> 1.1.0)
      pyroscope (~> 0.5.1)
    rack (2.2.4)
    rack-protection (2.2.0)
      rack
    rack-test (2.1.0)
      rack (>= 1.3)
    rbi (0.1.1)
      sorbet-runtime (>= 0.5.9204)
      yarp (>= 0.11.0)
    reline (0.3.1)
      io-console (~> 0.5)
    ruby2_keywords (0.0.5)
    sinatra (2.2.0)
      mustermann (~> 1.0)
      rack (~> 2.2)
      rack-protection (= 2.2.0)
      tilt (~> 2.0)
    sinatra-contrib (2.2.0)
      multi_json
      mustermann (~> 1.0)
      rack-protection (= 2.2.0)
      sinatra (= 2.2.0)
      tilt (~> 2.0)
    sorbet (0.5.11088)
      sorbet-static (= 0.5.11088)
    sorbet-runtime (0.5.11088)
    sorbet-static (0.5.11088-universal-darwin)
    sorbet-static (0.5.11088-x86_64-linux)
    sorbet-static-and-runtime (0.5.11088)
      sorbet (= 0.5.11088)
      sorbet-runtime (= 0.5.11088)
    spoom (1.2.4)
      erubi (>= 1.10.0)
      sorbet-static-and-runtime (>= 0.5.10187)
      syntax_tree (>= 6.1.1)
      thor (>= 0.19.2)
    sqlite3 (1.4.4)
    syntax_tree (6.2.0)
      prettier_print (>= 1.2.0)
    tapioca (0.11.9)
      bundler (>= 2.2.25)
      netrc (>= 0.11.0)
      parallel (>= 1.21.0)
      rbi (~> 0.1.0, >= 0.1.0)
      sorbet-static-and-runtime (>= 0.5.10187)
      spoom (~> 1.2.0, >= 1.2.0)
      thor (>= 1.2.0)
      yard-sorbet
    thor (1.3.0)
    tilt (2.0.10)
    yard (0.9.34)
    yard-sorbet (0.8.1)
      sorbet-runtime (>= 0.5)
      yard (>= 0.9)
    yarp (0.13.0)

PLATFORMS
  aarch64-linux
  ruby
  universal-darwin
  x86_64-linux

DEPENDENCIES
  irb
  jwt
  mysql2
  mysql2-cs-bind
  opentelemetry-exporter-otlp (~> 0.26.1)
  opentelemetry-instrumentation-all (~> 0.52.0)
  opentelemetry-sdk (~> 1.3)
  puma
  pyroscope (~> 0.5.10)
  pyroscope-otel (~> 0.1.1)
  rack-test
  sinatra
  sinatra-contrib
  sorbet
  sorbet-runtime
  sqlite3
  tapioca

BUNDLED WITH
   2.3.7
